PATH
  remote: .
  specs:
    sitefs (1.0.0.beta3)
      autoloaded (~> 2)
      aws-sdk (~> 2)
      diffy (~> 3)
      github-markdown (~> 0.6)
      html-pipeline (~> 2.5)
      html-pipeline-rouge_filter (~> 1.0)
      listen (~> 3.1)
      mime-types (~> 3)
      ratom (~> 0.9)
      rinku (~> 2.0)
      sass (~> 3.4)
      slop (~> 4)
      stamp (~> 0.6)

GEM
  remote: https://rubygems.org/
  specs:
    activesupport (5.0.1)
      concurrent-ruby (~> 1.0, >= 1.0.2)
      i18n (~> 0.7)
      minitest (~> 5.1)
      tzinfo (~> 1.1)
    autoloaded (2.1.1)
    aws-sdk (2.7.6)
      aws-sdk-resources (= 2.7.6)
    aws-sdk-core (2.7.6)
      aws-sigv4 (~> 1.0)
      jmespath (~> 1.0)
    aws-sdk-resources (2.7.6)
      aws-sdk-core (= 2.7.6)
    aws-sigv4 (1.0.0)
    concurrent-ruby (1.0.4)
    diff-lcs (1.3)
    diffy (3.1.0)
    ffi (1.9.18)
    github-markdown (0.6.9)
    html-pipeline (2.6.0)
      activesupport (>= 2)
      nokogiri (>= 1.4)
    html-pipeline-rouge_filter (1.0.5)
      activesupport
      html-pipeline (>= 1.11)
      rouge (~> 2.0.7)
    i18n (0.8.0)
    jmespath (1.3.1)
    libxml-ruby (2.9.0)
    listen (3.1.5)
      rb-fsevent (~> 0.9, >= 0.9.4)
      rb-inotify (~> 0.9, >= 0.9.7)
      ruby_dep (~> 1.2)
    mime-types (3.1)
      mime-types-data (~> 3.2015)
    mime-types-data (3.2016.0521)
    mini_portile2 (2.2.0)
    minitest (5.10.1)
    nokogiri (1.8.0)
      mini_portile2 (~> 2.2.0)
    rake (12.0.0)
    ratom (0.9.0)
      libxml-ruby (~> 2.6)
    rb-fsevent (0.9.8)
    rb-inotify (0.9.8)
      ffi (>= 0.5.0)
    rinku (2.0.2)
    rouge (2.0.7)
    rspec (3.5.0)
      rspec-core (~> 3.5.0)
      rspec-expectations (~> 3.5.0)
      rspec-mocks (~> 3.5.0)
    rspec-core (3.5.4)
      rspec-support (~> 3.5.0)
    rspec-expectations (3.5.0)
      diff-lcs (>= 1.2.0, < 2.0)
      rspec-support (~> 3.5.0)
    rspec-mocks (3.5.0)
      diff-lcs (>= 1.2.0, < 2.0)
      rspec-support (~> 3.5.0)
    rspec-support (3.5.0)
    ruby_dep (1.5.0)
    sass (3.4.24)
    slop (4.4.1)
    stamp (0.6.0)
    thread_safe (0.3.5)
    tzinfo (1.2.2)
      thread_safe (~> 0.1)

PLATFORMS
  ruby

DEPENDENCIES
  bundler (~> 1.13)
  rake (~> 12)
  rspec (~> 3.0)
  sitefs!

BUNDLED WITH
   1.14.6
