PATH
  remote: .
  specs:
    sitefs (0.1.0)
      github-markdown (~> 0.6.9)
      html-pipeline-rouge_filter (~> 1.0)
      rinku (~> 1.7.3)

GEM
  remote: https://rubygems.org/
  specs:
    activesupport (4.2.5)
      i18n (~> 0.7)
      json (~> 1.7, >= 1.7.7)
      minitest (~> 5.1)
      thread_safe (~> 0.3, >= 0.3.4)
      tzinfo (~> 1.1)
    coderay (1.1.0)
    diff-lcs (1.2.5)
    github-markdown (0.6.9)
    html-pipeline (2.3.0)
      activesupport (>= 2, < 5)
      nokogiri (>= 1.4)
    html-pipeline-rouge_filter (1.0.2)
      activesupport
      html-pipeline (>= 1.11)
      rouge (~> 1.8)
    i18n (0.7.0)
    json (1.8.3)
    method_source (0.8.2)
    mini_portile2 (2.0.0)
    minitest (5.8.3)
    nokogiri (1.6.7.2)
      mini_portile2 (~> 2.0.0.rc2)
    pry (0.10.3)
      coderay (~> 1.1.0)
      method_source (~> 0.8.1)
      slop (~> 3.4)
    rake (10.4.2)
    rinku (1.7.3)
    rouge (1.10.1)
    rspec (3.4.0)
      rspec-core (~> 3.4.0)
      rspec-expectations (~> 3.4.0)
      rspec-mocks (~> 3.4.0)
    rspec-core (3.4.1)
      rspec-support (~> 3.4.0)
    rspec-expectations (3.4.0)
      diff-lcs (>= 1.2.0, < 2.0)
      rspec-support (~> 3.4.0)
    rspec-mocks (3.4.1)
      diff-lcs (>= 1.2.0, < 2.0)
      rspec-support (~> 3.4.0)
    rspec-support (3.4.1)
    slop (3.6.0)
    thread_safe (0.3.5)
    tzinfo (1.2.2)
      thread_safe (~> 0.1)

PLATFORMS
  ruby

DEPENDENCIES
  bundler (~> 1.11)
  pry
  rake (~> 10.0)
  rspec (~> 3.0)
  sitefs!

BUNDLED WITH
   1.11.2
