PATH
  remote: .
  specs:
    sitefs (1.0.0.beta4)
      autoloaded (~> 2)
      aws-sdk (~> 2)
      diffy (~> 3)
      github-markdown (~> 0.6)
      html-pipeline (~> 2.5)
      html-pipeline-rouge_filter (~> 1.0)
      listen (~> 3.1)
      mime-types (~> 3)
      rinku (~> 2.0)
      sass (~> 3.4)
      slop (~> 4)
      stamp (~> 0.6)

GEM
  remote: https://rubygems.org/
  specs:
    activesupport (6.0.1)
      concurrent-ruby (~> 1.0, >= 1.0.2)
      i18n (>= 0.7, < 2)
      minitest (~> 5.1)
      tzinfo (~> 1.1)
      zeitwerk (~> 2.2)
    autoloaded (2.2.1)
    aws-eventstream (1.0.3)
    aws-sdk (2.11.414)
      aws-sdk-resources (= 2.11.414)
    aws-sdk-core (2.11.414)
      aws-sigv4 (~> 1.0)
      jmespath (~> 1.0)
    aws-sdk-resources (2.11.414)
      aws-sdk-core (= 2.11.414)
    aws-sigv4 (1.1.0)
      aws-eventstream (~> 1.0, >= 1.0.2)
    concurrent-ruby (1.1.5)
    diff-lcs (1.3)
    diffy (3.3.0)
    ffi (1.11.3)
    github-markdown (0.6.9)
    html-pipeline (2.12.2)
      activesupport (>= 2)
      nokogiri (>= 1.4)
    html-pipeline-rouge_filter (1.0.7)
      activesupport
      html-pipeline (>= 1.11)
      rouge (>= 2.0.0, < 4)
    i18n (1.7.0)
      concurrent-ruby (~> 1.0)
    jmespath (1.4.0)
    listen (3.2.1)
      rb-fsevent (~> 0.10, >= 0.10.3)
      rb-inotify (~> 0.9, >= 0.9.10)
    mime-types (3.3)
      mime-types-data (~> 3.2015)
    mime-types-data (3.2019.1009)
    mini_portile2 (2.4.0)
    minitest (5.13.0)
    nokogiri (1.10.7)
      mini_portile2 (~> 2.4.0)
    rake (12.0.0)
    rb-fsevent (0.10.3)
    rb-inotify (0.10.0)
      ffi (~> 1.0)
    rinku (2.0.6)
    rouge (3.14.0)
    rspec (3.5.0)
      rspec-core (~> 3.5.0)
      rspec-expectations (~> 3.5.0)
      rspec-mocks (~> 3.5.0)
    rspec-core (3.5.4)
      rspec-support (~> 3.5.0)
    rspec-expectations (3.5.0)
      diff-lcs (>= 1.2.0, < 2.0)
      rspec-support (~> 3.5.0)
    rspec-mocks (3.5.0)
      diff-lcs (>= 1.2.0, < 2.0)
      rspec-support (~> 3.5.0)
    rspec-support (3.5.0)
    sass (3.7.4)
      sass-listen (~> 4.0.0)
    sass-listen (4.0.0)
      rb-fsevent (~> 0.9, >= 0.9.4)
      rb-inotify (~> 0.9, >= 0.9.7)
    slop (4.7.0)
    stamp (0.6.0)
    thread_safe (0.3.6)
    tzinfo (1.2.5)
      thread_safe (~> 0.1)
    zeitwerk (2.2.2)

PLATFORMS
  ruby

DEPENDENCIES
  bundler (~> 1.13)
  rake (~> 12)
  rspec (~> 3.0)
  sitefs!

BUNDLED WITH
   1.17.3
